GEM
  remote: http://rubygems.org/
  specs:
    backports (2.7.1)
    chunky_png (1.2.7)
    commonjs (0.2.6)
    compass (0.12.2)
      chunky_png (~> 1.2)
      fssm (>= 0.2.7)
      sass (~> 3.1)
    daemons (1.1.9)
    eventmachine (1.0.0)
    fssm (0.2.10)
    less (2.2.2)
      commonjs (~> 0.2.6)
    libv8 (3.3.10.4)
    monkey-lib (0.5.4)
      backports
    rack (1.5.1)
    rack-protection (1.3.2)
      rack
    rack-test (0.6.2)
      rack (>= 1.0)
    rake (10.0.3)
    sass (3.2.5)
    sinatra (1.3.4)
      rack (~> 1.4)
      rack-protection (~> 1.3)
      tilt (~> 1.3, >= 1.3.3)
    sinatra-advanced-routes (0.5.2)
      monkey-lib (~> 0.5.0)
      sinatra (~> 1.0)
      sinatra-sugar (~> 0.5.0)
    sinatra-static (0.1.1)
      rack
      rack-test
      sinatra
      sinatra-advanced-routes
      term-ansicolor
    sinatra-sugar (0.5.1)
      monkey-lib (~> 0.5.0)
      sinatra (~> 1.0)
    slim (1.3.6)
      temple (~> 0.5.5)
      tilt (~> 1.3.3)
    susy (1.0.5)
      compass (>= 0.12.2)
      sass (>= 3.2.0)
    temple (0.5.5)
    term-ansicolor (1.0.7)
    therubyracer (0.10.2)
      libv8 (~> 3.3.10)
    thin (1.5.0)
      daemons (>= 1.0.9)
      eventmachine (>= 0.12.6)
      rack (>= 1.0.0)
    tilt (1.3.3)

PLATFORMS
  ruby

DEPENDENCIES
  bundler
  compass
  less
  rack-test
  rake
  sinatra
  sinatra-advanced-routes
  sinatra-static
  slim
  susy
  therubyracer
  thin
